PATH
  remote: .
  specs:
    arbor (1.0.3)
      activesupport (~> 4.1.11)
      httpi (>= 2.0.5)
      rack (>= 1.6.11)

GEM
  remote: https://rubygems.org/
  specs:
    activesupport (4.1.16)
      i18n (~> 0.6, >= 0.6.9)
      json (~> 1.7, >= 1.7.7)
      minitest (~> 5.1)
      thread_safe (~> 0.1)
      tzinfo (~> 1.1)
    concurrent-ruby (1.1.5)
    httpi (2.4.4)
      rack
      socksify
    i18n (0.9.5)
      concurrent-ruby (~> 1.0)
    json (1.8.6)
    minitest (5.12.2)
    rack (2.0.7)
    rake (0.9.6)
    socksify (1.7.1)
    thread_safe (0.3.6)
    tzinfo (1.2.5)
      thread_safe (~> 0.1)

PLATFORMS
  ruby

DEPENDENCIES
  arbor!
  bundler (~> 1.3)
  rake (~> 0)

BUNDLED WITH
   1.17.3
