PATH
  remote: .
  specs:
    arbor (0.0.1)
      activesupport (>= 3.0.0)
      httpi (>= 2.0.5)

GEM
  remote: https://rubygems.org/
  specs:
    activesupport (6.0.0)
      concurrent-ruby (~> 1.0, >= 1.0.2)
      i18n (>= 0.7, < 2)
      minitest (~> 5.1)
      tzinfo (~> 1.1)
      zeitwerk (~> 2.1, >= 2.1.8)
    concurrent-ruby (1.1.5)
    httpi (2.4.4)
      rack
      socksify
    i18n (1.7.0)
      concurrent-ruby (~> 1.0)
    minitest (5.12.2)
    rack (2.0.8)
    rake (0.9.6)
    socksify (1.7.1)
    thread_safe (0.3.6)
    tzinfo (1.2.5)
      thread_safe (~> 0.1)
    zeitwerk (2.2.0)

PLATFORMS
  ruby

DEPENDENCIES
  arbor!
  bundler (~> 1.3)
  rake (~> 0)
